GEM
  remote: https://rubygems.org/
  specs:
    byebug (11.0.1)
    cuba (3.9.2)
      rack (>= 1.6.0)
    ffi (1.10.0)
    listen (3.1.5)
      rb-fsevent (~> 0.9, >= 0.9.4)
      rb-inotify (~> 0.9, >= 0.9.7)
      ruby_dep (~> 1.2)
    rack (2.0.6)
    rb-fsevent (0.10.3)
    rb-inotify (0.10.0)
      ffi (~> 1.0)
    rerun (0.13.0)
      listen (~> 3.0)
    ruby_dep (1.5.0)

PLATFORMS
  ruby

DEPENDENCIES
  byebug
  cuba
  rb-fsevent
  rerun

BUNDLED WITH
   1.16.6
